GEM
  remote: https://rubygems.org/
  specs:
    ProcessPilot (2.0.0.20120301)
      rUtilAnts (>= 1.0)
    albacore (2.0.0.rc.4)
      ProcessPilot (~> 2.0)
      facter (~> 1.7)
      highline (~> 1.6)
      map (~> 6.5)
      nokogiri (~> 1.5)
      rake (> 10)
      rubyzip (= 0.9.9)
      semver2 (~> 3.3)
    facter (1.7.4)
    highline (1.6.20)
    map (6.5.1)
    mini_portile (0.5.2)
    nokogiri (1.6.1-x86-mingw32)
      mini_portile (~> 0.5.0)
    rUtilAnts (2.0.0.20130827)
    rake (10.1.1)
    rubyzip (0.9.9)
    semver2 (3.3.3)

PLATFORMS
  x86-mingw32

DEPENDENCIES
  albacore (= 2.0.0.rc.4)
  rake
